GIT
  remote: https://github.com/lukeredpath/xcodebuild-rb.git
  revision: 689feb53dc4f7f0132b70b33436dc13495e9fd4c
  specs:
    xcodebuild-rb (0.2.0)
      state_machine (~> 1.1.2)

GEM
  specs:
    activesupport (3.2.12)
      i18n (~> 0.6)
      multi_json (~> 1.0)
    addressable (2.3.3)
    cocoapods (0.16.4)
      activesupport (~> 3.2.6)
      colored (~> 1.2)
      escape (~> 0.0.4)
      faraday (~> 0.8.1)
      json (~> 1.7.3)
      octokit (~> 1.7)
      open4 (~> 1.3.0)
      rake (~> 10.0.0)
      xcodeproj (~> 0.5.0)
    coderay (1.0.9)
    colored (1.2)
    dotenv (0.5.0)
    escape (0.0.4)
    faraday (0.8.6)
      multipart-post (~> 1.1)
    faraday_middleware (0.9.0)
      faraday (>= 0.7.4, < 0.9)
    hashie (1.2.0)
    i18n (0.6.4)
    json (1.7.7)
    method_source (0.8.1)
    multi_json (1.6.1)
    multipart-post (1.2.0)
    netrc (0.7.7)
    octokit (1.23.0)
      addressable (~> 2.2)
      faraday (~> 0.8)
      faraday_middleware (~> 0.9)
      hashie (~> 1.2)
      multi_json (~> 1.3)
      netrc (~> 0.7.7)
    open4 (1.3.0)
    pry (0.9.12)
      coderay (~> 1.0.5)
      method_source (~> 0.8)
      slop (~> 3.4)
    rake (10.0.3)
    slop (3.4.3)
    state_machine (1.1.2)
    xcodeproj (0.5.1)
      activesupport (~> 3.2.6)
      colored (~> 1.2)

PLATFORMS
  ruby

DEPENDENCIES
  cocoapods
  dotenv
  pry
  xcodebuild-rb!
